GIT
  remote: git@github.com:postrank-labs/goliath.git
  revision: c8008eff3af9e210af57331a515e5fa4fea93766
  specs:
    goliath (0.9.2)
      async-rack
      em-synchrony (>= 0.3.0.beta.1)
      eventmachine (>= 1.0.0.beta.3)
      http_parser.rb
      http_router (~> 0.9.0)
      log4r
      multi_json
      rack (>= 1.2.2)
      rack-contrib
      rack-respond_to

GEM
  remote: http://rubygems.org/
  specs:
    activemodel (3.1.0.rc6)
      activesupport (= 3.1.0.rc6)
      bcrypt-ruby (~> 2.1.4)
      builder (~> 3.0.0)
      i18n (~> 0.6)
    activerecord (3.1.0.rc6)
      activemodel (= 3.1.0.rc6)
      activesupport (= 3.1.0.rc6)
      arel (~> 2.2.1)
      tzinfo (~> 0.3.29)
    activesupport (3.1.0.rc6)
      multi_json (~> 1.0)
    arel (2.2.1)
    async-rack (0.5.1)
      rack (~> 1.1)
    bcrypt-ruby (2.1.4)
    builder (3.0.0)
    em-synchrony (1.0.0)
      eventmachine (>= 1.0.0.beta.1)
    eventmachine (1.0.0.beta.3)
    http_parser.rb (0.5.2)
    http_router (0.9.7)
      rack (>= 1.0.0)
      url_mount (~> 0.2.1)
    i18n (0.6.0)
    log4r (1.1.9)
    multi_json (1.0.3)
    mysql2 (0.3.7)
    rack (1.3.2)
    rack-accept-media-types (0.9)
    rack-contrib (1.1.0)
      rack (>= 0.9.1)
    rack-respond_to (0.9.8)
      rack-accept-media-types (>= 0.6)
    tzinfo (0.3.29)
    url_mount (0.2.1)
      rack
    yajl-ruby (0.8.3)

PLATFORMS
  ruby

DEPENDENCIES
  activerecord (~> 3.1.0.rc6)
  em-synchrony
  goliath!
  mysql2
  yajl-ruby
